GEM
  remote: https://rubygems.org/
  specs:
    aws-sdk (2.1.13)
      aws-sdk-resources (= 2.1.13)
    aws-sdk-core (2.1.13)
      jmespath (~> 1.0)
    aws-sdk-resources (2.1.13)
      aws-sdk-core (= 2.1.13)
    byebug (5.0.0)
      columnize (= 0.9.0)
    columnize (0.9.0)
    diff-lcs (1.2.5)
    dotenv (2.0.2)
    httparty (0.13.5)
      json (~> 1.8)
      multi_xml (>= 0.5.2)
    jmespath (1.0.2)
      multi_json (~> 1.0)
    json (1.8.3)
    multi_json (1.11.2)
    multi_xml (0.5.5)
    rspec (3.3.0)
      rspec-core (~> 3.3.0)
      rspec-expectations (~> 3.3.0)
      rspec-mocks (~> 3.3.0)
    rspec-core (3.3.2)
      rspec-support (~> 3.3.0)
    rspec-expectations (3.3.1)
      diff-lcs (>= 1.2.0, < 2.0)
      rspec-support (~> 3.3.0)
    rspec-mocks (3.3.2)
      diff-lcs (>= 1.2.0, < 2.0)
      rspec-support (~> 3.3.0)
    rspec-support (3.3.0)

PLATFORMS
  ruby

DEPENDENCIES
  aws-sdk (~> 2)
  bundler
  byebug
  dotenv
  httparty
  rspec

BUNDLED WITH
   1.10.0
